GEM
  remote: https://rubygems.org/
  specs:
    minitest (1.3.0)
    rack (2.2.8.1)

PLATFORMS
  aarch64-linux
  arm-linux
  arm64-darwin
  x86-linux
  x86_64-darwin
  x86_64-linux

DEPENDENCIES
  minitest (= 1.3.0)
  rack (= 2.2.8.1)

BUNDLED WITH
   2.5.11
